GEM
  remote: https://rubygems.org/
  specs:
    parallel (1.21.0)
    rexml (3.2.5)
    ruby-graphviz (1.2.5)
      rexml
    ruby-progressbar (1.11.0)

PLATFORMS
  ruby

DEPENDENCIES
  parallel
  ruby-graphviz
  ruby-progressbar

BUNDLED WITH
   2.2.32
